GEM
  remote: https://rubygems.org/
  specs:
    ffi (1.9.18)
    libusb (0.6.3)
      ffi (~> 1.0)
      mini_portile2 (~> 2.1)
    mini_portile2 (2.2.0)
    thor (0.20.0)

PLATFORMS
  ruby

DEPENDENCIES
  libusb (~> 0.6.3)
  thor (~> 0.20.0)

BUNDLED WITH
   1.15.4
